GIT
  remote: git://github.com/katanacode/blogit.git
  revision: fad05dd3af7f0456e1eb1c9a533667b9013b766c
  specs:
    blogit (0.8.0)
      RedCloth (>= 4.2.9)
      acts-as-taggable-on (>= 2.2.1)
      albino (>= 1.3.3)
      jquery-rails
      kaminari (>= 0.13.0)
      nokogiri (>= 1.5.0)
      pingr (>= 0.0.3)
      redcarpet (>= 2.0.1)

GIT
  remote: git://github.com/radar/forem-bootstrap.git
  revision: 10be50afc1d0a22af1306076e41624c55fc585be
  branch: master
  specs:
    forem-bootstrap (0.0.1)
      bootstrap-sass (~> 3.1)

GIT
  remote: git://github.com/radar/forem.git
  revision: e5b52f1375ea1720a3d2e0905ba7c40e137f919b
  branch: rails4
  specs:
    forem (1.0.0.beta1)
      cancancan (~> 1.7)
      decorators (~> 1.0.2)
      friendly_id (= 5.0.2)
      friendly_id (~> 5.0.0)
      gemoji (= 1.1.2)
      rails (~> 4.0.3)
      sanitize (= 2.0.6)
      select2-rails (~> 3.5.4)
      simple_form (~> 3.0.1)
      workflow (= 1.0.0)

GIT
  remote: https://github.com/nukturnal/cancan.git
  revision: a606378912e75d6b62f8257ffa5b4c5f2023760b
  specs:
    cancan (1.6.10)

GEM
  remote: https://rubygems.org/
  specs:
    RedCloth (4.2.9)
    actionmailer (4.0.3)
      actionpack (= 4.0.3)
      mail (~> 2.5.4)
    actionpack (4.0.3)
      activesupport (= 4.0.3)
      builder (~> 3.1.0)
      erubis (~> 2.7.0)
      rack (~> 1.5.2)
      rack-test (~> 0.6.2)
    activemodel (4.0.3)
      activesupport (= 4.0.3)
      builder (~> 3.1.0)
    activerecord (4.0.3)
      activemodel (= 4.0.3)
      activerecord-deprecated_finders (~> 1.0.2)
      activesupport (= 4.0.3)
      arel (~> 4.0.0)
    activerecord-deprecated_finders (1.0.3)
    activesupport (4.0.3)
      i18n (~> 0.6, >= 0.6.4)
      minitest (~> 4.2)
      multi_json (~> 1.3)
      thread_safe (~> 0.1)
      tzinfo (~> 0.3.37)
    acts-as-taggable-on (3.0.2)
      rails (>= 3, < 5)
    albino (1.3.3)
      posix-spawn (>= 0.3.6)
    arel (4.0.2)
    atomic (1.1.16)
    bcrypt (3.1.7)
    bcrypt-ruby (3.1.5)
      bcrypt (>= 3.1.3)
    bootstrap-sass (3.1.1.0)
      sass (~> 3.2)
    builder (3.1.4)
    cancancan (1.7.1)
    coderay (1.1.0)
    coffee-rails (4.0.1)
      coffee-script (>= 2.2.0)
      railties (>= 4.0.0, < 5.0)
    coffee-script (2.2.0)
      coffee-script-source
      execjs
    coffee-script-source (1.7.0)
    decorators (1.0.3)
      railties (>= 3.0.19, != 3.2.9, != 3.2.8, != 3.2.7, != 3.2.6, != 3.2.5, != 3.2.4, != 3.2.3, != 3.2.2, != 3.2.10, != 3.2.1, != 3.2.0, != 3.1.9, != 3.1.8, != 3.1.7, != 3.1.6, != 3.1.5, != 3.1.4, != 3.1.3, != 3.1.2, != 3.1.1, != 3.1.0)
    devise (3.0.0)
      bcrypt-ruby (~> 3.0)
      orm_adapter (~> 0.1)
      railties (>= 3.2.6, < 5)
      warden (~> 1.2.3)
    erubis (2.7.0)
    execjs (2.0.2)
    forem-textile_formatter (0.1.0)
      RedCloth
      forem
    friendly_id (5.0.2)
      activerecord (~> 4.0.0)
    gemoji (1.1.2)
    hike (1.2.3)
    i18n (0.6.9)
    jbuilder (1.5.3)
      activesupport (>= 3.0.0)
      multi_json (>= 1.2.0)
    jquery-rails (3.1.0)
      railties (>= 3.0, < 5.0)
      thor (>= 0.14, < 2.0)
    json (1.8.1)
    kaminari (0.15.1)
      actionpack (>= 3.0.0)
      activesupport (>= 3.0.0)
    mail (2.5.4)
      mime-types (~> 1.16)
      treetop (~> 1.4.8)
    method_source (0.8.2)
    mime-types (1.25.1)
    mini_portile (0.5.2)
    minitest (4.7.5)
    multi_json (1.9.2)
    nokogiri (1.6.1)
      mini_portile (~> 0.5.0)
    orm_adapter (0.5.0)
    pg (0.17.1)
    pingr (0.0.3)
    polyglot (0.3.4)
    posix-spawn (0.3.8)
    pry (0.9.12.6)
      coderay (~> 1.0)
      method_source (~> 0.8)
      slop (~> 3.4)
    rack (1.5.2)
    rack-test (0.6.2)
      rack (>= 1.0)
    rails (4.0.3)
      actionmailer (= 4.0.3)
      actionpack (= 4.0.3)
      activerecord (= 4.0.3)
      activesupport (= 4.0.3)
      bundler (>= 1.3.0, < 2.0)
      railties (= 4.0.3)
      sprockets-rails (~> 2.0.0)
    rails_12factor (0.0.2)
      rails_serve_static_assets
      rails_stdout_logging
    rails_serve_static_assets (0.0.2)
    rails_stdout_logging (0.0.3)
    railties (4.0.3)
      actionpack (= 4.0.3)
      activesupport (= 4.0.3)
      rake (>= 0.8.7)
      thor (>= 0.18.1, < 2.0)
    rake (10.1.1)
    rdoc (4.1.1)
      json (~> 1.4)
    redcarpet (3.1.1)
    sanitize (2.0.6)
      nokogiri (>= 1.4.4)
    sass (3.2.18)
    sass-rails (4.0.2)
      railties (>= 4.0.0, < 5.0)
      sass (~> 3.2.0)
      sprockets (~> 2.8, <= 2.11.0)
      sprockets-rails (~> 2.0.0)
    sdoc (0.4.0)
      json (~> 1.8)
      rdoc (~> 4.0, < 5.0)
    select2-rails (3.5.4)
      thor (~> 0.14)
    simple_form (3.0.1)
      actionpack (>= 4.0.0, < 4.1)
      activemodel (>= 4.0.0, < 4.1)
    slop (3.5.0)
    sprockets (2.11.0)
      hike (~> 1.2)
      multi_json (~> 1.0)
      rack (~> 1.0)
      tilt (~> 1.1, != 1.3.0)
    sprockets-rails (2.0.1)
      actionpack (>= 3.0)
      activesupport (>= 3.0)
      sprockets (~> 2.8)
    thor (0.19.0)
    thread_safe (0.3.1)
      atomic (>= 1.1.7, < 2)
    tilt (1.4.1)
    treetop (1.4.15)
      polyglot
      polyglot (>= 0.3.1)
    turbolinks (2.2.1)
      coffee-rails
    tzinfo (0.3.39)
    uglifier (2.5.0)
      execjs (>= 0.3.0)
      json (>= 1.8.0)
    warden (1.2.3)
      rack (>= 1.0)
    workflow (1.0.0)

PLATFORMS
  ruby

DEPENDENCIES
  blogit!
  bootstrap-sass (~> 3.1)
  cancan!
  coffee-rails (~> 4.0.0)
  devise (= 3.0.0)
  forem!
  forem-bootstrap!
  forem-textile_formatter
  friendly_id (~> 5.0.2)
  jbuilder (~> 1.2)
  jquery-rails
  kaminari (= 0.15.1)
  pg
  pry
  rails (= 4.0.3)
  rails_12factor
  railties (~> 4.0.3)
  sass-rails (~> 4.0.0)
  sdoc
  turbolinks
  uglifier (>= 1.3.0)
